PATH
  remote: .
  specs:
    fandango (2.1.0)
      faraday
      nokogiri (~> 1.0)

GEM
  remote: http://rubygems.org/
  specs:
    addressable (2.5.1)
      public_suffix (~> 2.0, >= 2.0.2)
    awesome_print (1.7.0)
    crack (0.4.3)
      safe_yaml (~> 1.0.0)
    faraday (0.15.2)
      multipart-post (>= 1.2, < 3)
    hashdiff (0.3.4)
    mini_portile2 (2.3.0)
    minitest (5.9.0)
    multipart-post (2.0.0)
    nokogiri (1.8.4)
      mini_portile2 (~> 2.3.0)
    public_suffix (2.0.5)
    rake (12.0.0)
    safe_yaml (1.0.4)
    vcr (3.0.3)
    webmock (3.0.1)
      addressable (>= 2.3.6)
      crack (>= 0.3.2)
      hashdiff

PLATFORMS
  ruby

DEPENDENCIES
  awesome_print
  fandango!
  minitest
  rake
  vcr
  webmock

BUNDLED WITH
   1.15.3
