PATH
  remote: .
  specs:
    fandango (1.1.0)
      nokogiri (~> 1.0)

GEM
  remote: http://rubygems.org/
  specs:
    addressable (2.4.0)
    awesome_print (1.7.0)
    crack (0.4.3)
      safe_yaml (~> 1.0.0)
    mini_portile2 (2.1.0)
    minitest (5.9.0)
    nokogiri (1.6.8)
      mini_portile2 (~> 2.1.0)
      pkg-config (~> 1.1.7)
    pkg-config (1.1.7)
    rake (11.2.2)
    safe_yaml (1.0.4)
    vcr (3.0.3)
    webmock (1.9.3)
      addressable (>= 2.2.7)
      crack (>= 0.3.2)

PLATFORMS
  ruby

DEPENDENCIES
  awesome_print
  fandango!
  minitest
  rake
  vcr
  webmock

BUNDLED WITH
   1.11.2
